GEM
  remote: https://rubygems.org/
  specs:
    actioncable (5.2.8)
      actionpack (= 5.2.8)
      nio4r (~> 2.0)
      websocket-driver (>= 0.6.1)
    actionmailer (5.2.8)
      actionpack (= 5.2.8)
      actionview (= 5.2.8)
      activejob (= 5.2.8)
      mail (~> 2.5, >= 2.5.4)
      rails-dom-testing (~> 2.0)
    actionpack (5.2.8)
      actionview (= 5.2.8)
      activesupport (= 5.2.8)
      rack (~> 2.0, >= 2.0.8)
      rack-test (>= 0.6.3)
      rails-dom-testing (~> 2.0)
      rails-html-sanitizer (~> 1.0, >= 1.0.2)
    actionview (5.2.8)
      activesupport (= 5.2.8)
      builder (~> 3.1)
      erubi (~> 1.4)
      rails-dom-testing (~> 2.0)
      rails-html-sanitizer (~> 1.0, >= 1.0.3)
    activejob (5.2.8)
      activesupport (= 5.2.8)
      globalid (>= 0.3.6)
    activemodel (5.2.8)
      activesupport (= 5.2.8)
    activerecord (5.2.8)
      activemodel (= 5.2.8)
      activesupport (= 5.2.8)
      arel (>= 9.0)
    activestorage (5.2.8)
      actionpack (= 5.2.8)
      activerecord (= 5.2.8)
      marcel (~> 1.0.0)
    activesupport (5.2.8)
      concurrent-ruby (~> 1.0, >= 1.0.2)
      i18n (>= 0.7, < 2)
      minitest (~> 5.1)
      tzinfo (~> 1.1)
    addressable (2.8.0)
      public_suffix (>= 2.0.2, < 5.0)
    arel (9.0.0)
    ast (2.4.2)
    bcrypt (3.1.18)
    bootsnap (1.12.0)
      msgpack (~> 1.2)
    builder (3.2.4)
    concurrent-ruby (1.1.10)
    crass (1.0.6)
    debug (1.5.0)
      irb (>= 1.3.6)
      reline (>= 0.2.7)
    diff-lcs (1.5.0)
    dotenv (2.7.6)
    dotenv-rails (2.7.6)
      dotenv (= 2.7.6)
      railties (>= 3.2)
    erubi (1.10.0)
    globalid (1.0.0)
      activesupport (>= 5.0)
    i18n (1.10.0)
      concurrent-ruby (~> 1.0)
    io-console (0.5.11)
    irb (1.4.1)
      reline (>= 0.3.0)
    json-schema (2.8.1)
      addressable (>= 2.4)
    jwt (2.4.0)
    loofah (2.18.0)
      crass (~> 1.0.2)
      nokogiri (>= 1.5.9)
    mail (2.7.1)
      mini_mime (>= 0.1.1)
    marcel (1.0.2)
    method_source (1.0.0)
    mini_mime (1.1.2)
    minitest (5.15.0)
    msgpack (1.5.2)
    nio4r (2.5.8)
    nokogiri (1.13.6-x86_64-linux)
      racc (~> 1.4)
    parallel (1.22.1)
    parser (3.1.2.0)
      ast (~> 2.4.1)
    pg (1.3.5)
    public_suffix (4.0.7)
    puma (5.6.4)
      nio4r (~> 2.0)
    racc (1.6.0)
    rack (2.2.3.1)
    rack-test (1.1.0)
      rack (>= 1.0, < 3)
    rails (5.2.8)
      actioncable (= 5.2.8)
      actionmailer (= 5.2.8)
      actionpack (= 5.2.8)
      actionview (= 5.2.8)
      activejob (= 5.2.8)
      activemodel (= 5.2.8)
      activerecord (= 5.2.8)
      activestorage (= 5.2.8)
      activesupport (= 5.2.8)
      bundler (>= 1.3.0)
      railties (= 5.2.8)
      sprockets-rails (>= 2.0.0)
    rails-dom-testing (2.0.3)
      activesupport (>= 4.2.0)
      nokogiri (>= 1.6)
    rails-html-sanitizer (1.4.2)
      loofah (~> 2.3)
    railties (5.2.8)
      actionpack (= 5.2.8)
      activesupport (= 5.2.8)
      method_source
      rake (>= 0.8.7)
      thor (>= 0.19.0, < 2.0)
    rainbow (3.1.1)
    rake (13.0.6)
    regexp_parser (2.5.0)
    reline (0.3.1)
      io-console (~> 0.5)
    rexml (3.2.5)
    rspec-core (3.11.0)
      rspec-support (~> 3.11.0)
    rspec-expectations (3.11.0)
      diff-lcs (>= 1.2.0, < 2.0)
      rspec-support (~> 3.11.0)
    rspec-mocks (3.11.1)
      diff-lcs (>= 1.2.0, < 2.0)
      rspec-support (~> 3.11.0)
    rspec-rails (5.1.2)
      actionpack (>= 5.2)
      activesupport (>= 5.2)
      railties (>= 5.2)
      rspec-core (~> 3.10)
      rspec-expectations (~> 3.10)
      rspec-mocks (~> 3.10)
      rspec-support (~> 3.10)
    rspec-support (3.11.0)
    rswag (2.5.1)
      rswag-api (= 2.5.1)
      rswag-specs (= 2.5.1)
      rswag-ui (= 2.5.1)
    rswag-api (2.5.1)
      railties (>= 3.1, < 7.1)
    rswag-specs (2.5.1)
      activesupport (>= 3.1, < 7.1)
      json-schema (~> 2.2)
      railties (>= 3.1, < 7.1)
    rswag-ui (2.5.1)
      actionpack (>= 3.1, < 7.1)
      railties (>= 3.1, < 7.1)
    rubocop (1.30.1)
      parallel (~> 1.10)
      parser (>= 3.1.0.0)
      rainbow (>= 2.2.2, < 4.0)
      regexp_parser (>= 1.8, < 3.0)
      rexml (>= 3.2.5, < 4.0)
      rubocop-ast (>= 1.18.0, < 2.0)
      ruby-progressbar (~> 1.7)
      unicode-display_width (>= 1.4.0, < 3.0)
    rubocop-ast (1.18.0)
      parser (>= 3.1.1.0)
    rubocop-rails (2.14.2)
      activesupport (>= 4.2.0)
      rack (>= 1.1)
      rubocop (>= 1.7.0, < 2.0)
    ruby-progressbar (1.11.0)
    sprockets (4.0.3)
      concurrent-ruby (~> 1.0)
      rack (> 1, < 3)
    sprockets-rails (3.4.2)
      actionpack (>= 5.2)
      activesupport (>= 5.2)
      sprockets (>= 3.0.0)
    thor (1.2.1)
    thread_safe (0.3.6)
    tzinfo (1.2.9)
      thread_safe (~> 0.1)
    unicode-display_width (2.1.0)
    websocket-driver (0.7.5)
      websocket-extensions (>= 0.1.0)
    websocket-extensions (0.1.5)

PLATFORMS
  x86_64-linux

DEPENDENCIES
  bcrypt (~> 3.1.7)
  bootsnap
  debug
  dotenv-rails
  jwt
  pg (~> 1.1)
  puma (~> 5.0)
  rails (~> 5.2.7)
  rspec-rails
  rswag
  rubocop-rails
  tzinfo-data

RUBY VERSION
   ruby 2.6.5p114

BUNDLED WITH
   2.2.28
